NUGET
  remote: https://nuget.org/api/v2
  specs:
    Akka (1.0.1)
      Newtonsoft.Json (>= 6.0.8)
    Akka.Logger.Serilog (1.0.1)
      Akka (>= 1.0.1)
      Serilog (>= 1.3.43)
    Akka.Monitoring (0.3.3)
      Akka (>= 1.0.0)
      Newtonsoft.Json (>= 6.0.8)
    Akka.Monitoring.StatsD (0.3.3)
      Akka.Monitoring (>= 0.3.3)
      NStatsD.HighPerformance (>= 1.2.1)
    Akka.Persistence (1.0.1-pre1504282013)
      Akka (>= 1.0.1)
      Google.ProtocolBuffers (>= 2.4.1.521)
      Newtonsoft.Json (>= 6.0.8)
    Akka.TestKit (1.0.1)
      Akka (>= 1.0.1)
    Akka.TestKit.Xunit (1.0.1)
      Akka.TestKit (>= 1.0.1)
      xunit (>= 1.9.2)
    BCrypt-Official (0.1.109)
    Google.ProtocolBuffers (2.4.1.555)
    Microsoft.AspNet.SignalR.Core (2.2.0)
      Microsoft.Owin (>= 2.1.0)
      Microsoft.Owin.Security (>= 2.1.0)
      Newtonsoft.Json (>= 6.0.4)
      Owin (>= 1.0)
    Microsoft.AspNet.SignalR.Owin (1.2.2)
      Microsoft.AspNet.SignalR.Core (>= 1.2.2)
      Owin (>= 1.0)
    Microsoft.Owin (3.0.1)
      Owin (>= 1.0)
    Microsoft.Owin.FileSystems (3.0.1)
    Microsoft.Owin.Host.SystemWeb (3.0.1)
      Microsoft.Owin (>= 3.0.1)
      Owin (>= 1.0)
    Microsoft.Owin.Security (3.0.1)
      Microsoft.Owin (>= 3.0.1)
      Owin (>= 1.0)
    Microsoft.Owin.StaticFiles (3.0.1)
      Microsoft.Owin (>= 3.0.1)
      Microsoft.Owin.FileSystems (>= 3.0.1)
      Owin (>= 1.0)
    Newtonsoft.Json (6.0.8)
    NStatsD.HighPerformance (1.2.1)
    Owin (1.0)
    Serilog (1.5.6)
    xunit (2.0.0)
      xunit.assert (2.0.0)
      xunit.core (2.0.0)
    xunit.abstractions (2.0.0)
    xunit.assert (2.0.0)
    xunit.core (2.0.0)
      xunit.extensibility.core (2.0.0)
    xunit.extensibility.core (2.0.0)
      xunit.abstractions (2.0.0)
